GIT
  remote: git://github.com/livingsocial/rake-pipeline.git
  revision: 65b1e744defa208e313703d89f3453447cc103b2
  specs:
    rake-pipeline (0.8.0)
      json
      rake (~> 10.0.0)
      thor

GIT
  remote: git://github.com/radiumsoftware/hydrogen.git
  revision: 500130ac073b060277f12387f7b31d15ea3b7aba
  specs:
    hydrogen (0.0.1)
      thor

GIT
  remote: git://github.com/radiumsoftware/iridium-ember.git
  revision: f9b43d8f3d1cb9783b618c921e5e59120d22ee5f
  specs:
    iridium-ember (0.1.0)

GIT
  remote: git://github.com/radiumsoftware/iridium.git
  revision: 41f9b7cba4ba51d1e9ed88cc56eaa86cca87baff
  specs:
    iridium (0.9.0.rc1)
      activesupport
      barber (~> 0.2.0)
      coffee-script
      compass
      execjs
      less
      rack
      rack-rewrite
      rake-pipeline (~> 0.8.0)
      rake-pipeline-web-filters (= 0.7.0)
      sass
      thor
      uglifier (~> 1.2.3)
      yui-compressor

GIT
  remote: git://github.com/wycats/thor.git
  revision: d46dc56574860e2c7045d1e358c53ff02fb5c6b2
  specs:
    thor (0.17.0)

GEM
  remote: http://rubygems.org/
  specs:
    POpen4 (0.1.4)
      Platform (>= 0.4.0)
      open4
    Platform (0.4.0)
    activesupport (3.2.12)
      i18n (~> 0.6)
      multi_json (~> 1.0)
    barber (0.2.1)
      execjs
    chunky_png (1.2.7)
    coffee-script (2.2.0)
      coffee-script-source
      execjs
    coffee-script-source (1.5.0)
    commonjs (0.2.6)
    compass (0.12.2)
      chunky_png (~> 1.2)
      fssm (>= 0.2.7)
      sass (~> 3.1)
    execjs (1.4.0)
      multi_json (~> 1.0)
    fssm (0.2.10)
    i18n (0.6.4)
    json (1.7.7)
    less (2.2.2)
      commonjs (~> 0.2.6)
    multi_json (1.6.1)
    open4 (1.3.0)
    rack (1.5.2)
    rack-rewrite (1.3.3)
    rake (10.0.3)
    rake-pipeline-web-filters (0.7.0)
      rack
      rake-pipeline (~> 0.6)
    sass (3.2.6)
    uglifier (1.2.7)
      execjs (>= 0.3.0)
      multi_json (~> 1.3)
    yui-compressor (0.9.6)
      POpen4 (>= 0.1.4)

PLATFORMS
  ruby

DEPENDENCIES
  hydrogen!
  iridium!
  iridium-ember!
  rake-pipeline!
  thor!
